GEM
  remote: http://rubygems.org/
  specs:
    abstract (1.0.0)
    actionmailer (3.0.4)
      actionpack (= 3.0.4)
      mail (~> 2.2.15)
    actionpack (3.0.4)
      activemodel (= 3.0.4)
      activesupport (= 3.0.4)
      builder (~> 2.1.2)
      erubis (~> 2.6.6)
      i18n (~> 0.4)
      rack (~> 1.2.1)
      rack-mount (~> 0.6.13)
      rack-test (~> 0.5.7)
      tzinfo (~> 0.3.23)
    activemodel (3.0.4)
      activesupport (= 3.0.4)
      builder (~> 2.1.2)
      i18n (~> 0.4)
    activerecord (3.0.4)
      activemodel (= 3.0.4)
      activesupport (= 3.0.4)
      arel (~> 2.0.2)
      tzinfo (~> 0.3.23)
    activeresource (3.0.4)
      activemodel (= 3.0.4)
      activesupport (= 3.0.4)
    activesupport (3.0.4)
    acts-as-taggable-on (2.0.6)
    addressable (2.2.5)
    annotate (2.4.0)
    arel (2.0.9)
    babosa (0.3.3)
    builder (2.1.2)
    cancan (1.6.4)
    cells (3.5.6)
      actionpack (~> 3.0.0)
      railties (~> 3.0.0)
    daemons (1.1.0)
    erubis (2.6.6)
      abstract (>= 1.0.0)
    eventmachine (0.12.10)
    faraday (0.6.1)
      addressable (~> 2.2.4)
      multipart-post (~> 1.1.0)
      rack (< 2, >= 1.1.0)
    friendly_id (3.2.1.1)
      babosa (~> 0.3.0)
    gravatar-ultimate (1.0.2)
      sc-core-ext (>= 1.2.0)
    haml (3.0.24)
    i18n (0.5.0)
    mail (2.2.17)
      activesupport (>= 2.3.6)
      i18n (>= 0.4.0)
      mime-types (~> 1.16)
      treetop (~> 1.4.8)
    mime-types (1.16)
    multi_json (0.0.5)
    multipart-post (1.1.0)
    mysql2 (0.2.7)
    net-ldap (0.1.1)
    nokogiri (1.4.4)
    oa-basic (0.2.2)
      multi_json (~> 0.0.2)
      nokogiri (~> 1.4.2)
      oa-core (= 0.2.2)
      rest-client (~> 1.6.0)
    oa-core (0.2.2)
      rack (~> 1.1)
    oa-enterprise (0.2.2)
      net-ldap (~> 0.1.1)
      nokogiri (~> 1.4.2)
      oa-core (= 0.2.2)
      pyu-ruby-sasl (~> 0.0.3.1)
      rubyntlm (~> 0.1.1)
    oa-more (0.2.2)
      multi_json (~> 0.0.2)
      oa-core (= 0.2.2)
      rest-client (~> 1.6.0)
    oa-oauth (0.2.2)
      faraday (~> 0.6.1)
      multi_json (~> 0.0.2)
      nokogiri (~> 1.4.2)
      oa-core (= 0.2.2)
      oauth (~> 0.4.0)
      oauth2 (~> 0.3.0)
    oa-openid (0.2.2)
      oa-core (= 0.2.2)
      rack-openid (~> 1.2.0)
      ruby-openid-apps-discovery
    oauth (0.4.4)
    oauth2 (0.3.0)
      faraday (~> 0.6.0)
      multi_json (~> 0.0.4)
    omniauth (0.2.2)
      oa-basic (= 0.2.2)
      oa-core (= 0.2.2)
      oa-enterprise (= 0.2.2)
      oa-more (= 0.2.2)
      oa-oauth (= 0.2.2)
      oa-openid (= 0.2.2)
    polyglot (0.3.1)
    pyu-ruby-sasl (0.0.3.2)
    rack (1.2.2)
    rack-mount (0.6.14)
      rack (>= 1.0.0)
    rack-openid (1.2.0)
      rack (>= 1.1.0)
      ruby-openid (>= 2.1.8)
    rack-test (0.5.7)
      rack (>= 1.0)
    rails (3.0.4)
      actionmailer (= 3.0.4)
      actionpack (= 3.0.4)
      activerecord (= 3.0.4)
      activeresource (= 3.0.4)
      activesupport (= 3.0.4)
      bundler (~> 1.0)
      railties (= 3.0.4)
    railties (3.0.4)
      actionpack (= 3.0.4)
      activesupport (= 3.0.4)
      rake (>= 0.8.7)
      thor (~> 0.14.4)
    rake (0.8.7)
    rdiscount (1.6.8)
    rest-client (1.6.1)
      mime-types (>= 1.16)
    ruby-openid (2.1.8)
    ruby-openid-apps-discovery (1.2.0)
      ruby-openid (>= 2.1.7)
    rubyntlm (0.1.1)
    sanitize (2.0.1)
      nokogiri (~> 1.4.4)
    sc-core-ext (1.2.1)
      activesupport (>= 2.3.5)
    simple_form (1.3.1)
    thin (1.2.8)
      daemons (>= 1.0.9)
      eventmachine (>= 0.12.6)
      rack (>= 1.0.0)
    thor (0.14.6)
    treetop (1.4.9)
      polyglot (>= 0.3.1)
    tzinfo (0.3.26)
    will_paginate (3.0.pre2)

PLATFORMS
  ruby

DEPENDENCIES
  acts-as-taggable-on
  annotate
  cancan
  cells
  friendly_id
  gravatar-ultimate
  haml
  mysql2
  nokogiri
  oa-openid
  omniauth
  rails (= 3.0.4)
  rdiscount
  sanitize
  simple_form
  thin
  will_paginate
